PATH
  remote: .
  specs:
    tabitha (0.1.0)
      rack

GEM
  remote: https://rubygems.org/
  specs:
    power_assert (1.1.5)
    rack (2.2.3)
    rack-test (1.1.0)
      rack (>= 1.0, < 3)
    rake (10.5.0)
    test-unit (3.3.3)
      power_assert

PLATFORMS
  ruby

DEPENDENCIES
  bundler (~> 2.0)
  rack-test
  rake (~> 10.0)
  tabitha!
  test-unit

BUNDLED WITH
   2.0.1
